GEM
  remote: https://rubygems.org/
  specs:
    rake (12.3.1)

PLATFORMS
  ruby

DEPENDENCIES
  bundler (~> 1.17.1)
  rake (~> 12.3.1)

BUNDLED WITH
   1.17.1
